GEM
  remote: https://rubygems.org/
  specs:
    coderay (1.1.3)
    colorize (0.8.1)
    domain_name (0.5.20190701)
      unf (>= 0.0.5, < 1.0.0)
    dotenv (2.7.6)
    geocoder (1.6.6)
    http-accept (1.7.0)
    http-cookie (1.0.3)
      domain_name (~> 0.5)
    httparty (0.18.1)
      mime-types (~> 3.0)
      multi_xml (>= 0.5.2)
    json (2.5.1)
    method_source (1.0.0)
    mime-types (3.3.1)
      mime-types-data (~> 3.2015)
    mime-types-data (3.2021.0225)
    multi_xml (0.6.0)
    net-http (0.1.1)
      net-protocol
      uri
    net-protocol (0.1.0)
    netrc (0.11.0)
    nokogiri (1.11.2-x86_64-linux)
      racc (~> 1.4)
    openssl (2.2.0)
    pry (0.14.0)
      coderay (~> 1.1)
      method_source (~> 1.0)
    racc (1.5.2)
    require_all (3.0.0)
    rest-client (2.1.0)
      http-accept (>= 1.7.0, < 2.0)
      http-cookie (>= 1.0.2, < 2.0)
      mime-types (>= 1.16, < 4.0)
      netrc (~> 0.8)
    unf (0.1.4)
      unf_ext
    unf_ext (0.0.7.7)
    uri (0.10.1)

PLATFORMS
  x86_64-linux

DEPENDENCIES
  colorize
  dotenv
  geocoder
  httparty
  json
  net-http
  nokogiri
  openssl
  pry
  require_all
  rest-client
  uri

BUNDLED WITH
   2.2.11
